GEM
  remote: http://rubygems.org/
  specs:
    backports (2.6.5)
    capistrano (2.13.5)
      highline
      net-scp (>= 1.0.0)
      net-sftp (>= 2.0.0)
      net-ssh (>= 2.0.14)
      net-ssh-gateway (>= 1.1.0)
    dalli (2.6.0)
    eventmachine (1.0.0)
    haml (3.1.7)
    highline (1.6.15)
    hike (1.2.1)
    kgio (2.7.4)
    memcache-client (1.8.5)
    multi_json (1.5.0)
    net-scp (1.0.4)
      net-ssh (>= 1.99.1)
    net-sftp (2.0.5)
      net-ssh (>= 2.0.9)
    net-ssh (2.6.2)
    net-ssh-gateway (1.1.0)
      net-ssh (>= 1.99.1)
    pg (0.14.1)
    rack (1.4.1)
    rack-cache (1.2)
      rack (>= 0.4)
    rack-protection (1.3.2)
      rack
    rack-test (0.6.2)
      rack (>= 1.0)
    raindrops (0.10.0)
    ruby-ole (1.2.11.6)
    rvm-capistrano (1.2.7)
      capistrano (>= 2.0.0)
    sass (3.1.20)
    sinatra (1.3.3)
      rack (~> 1.3, >= 1.3.6)
      rack-protection (~> 1.2)
      tilt (~> 1.3, >= 1.3.3)
    sinatra-contrib (1.3.2)
      backports (>= 2.0)
      eventmachine
      rack-protection
      rack-test
      sinatra (~> 1.3.0)
      tilt (~> 1.3)
    sinatra-diskcache (1.0.1)
    sinatra-memcache (0.1.1)
      memcache-client
      sinatra
    spreadsheet (0.7.5)
      ruby-ole (>= 1.0)
    sprockets (2.8.2)
      hike (~> 1.2)
      multi_json (~> 1.0)
      rack (~> 1.0)
      tilt (~> 1.1, != 1.3.0)
    sprockets-helpers (0.7.2)
      sprockets (~> 2.0)
    sprockets-sass (0.9.1)
      sprockets (~> 2.0)
      tilt (~> 1.1)
    tilt (1.3.3)
    unicode (0.4.3)
    unicorn (4.5.0)
      kgio (~> 2.6)
      rack
      raindrops (~> 0.7)

PLATFORMS
  ruby

DEPENDENCIES
  capistrano
  dalli
  haml
  pg
  rack-cache
  rvm-capistrano
  sass (= 3.1.20)
  sinatra
  sinatra-contrib
  sinatra-diskcache
  sinatra-memcache
  spreadsheet
  sprockets
  sprockets-helpers
  sprockets-sass
  unicode
  unicorn
